PATH
  remote: .
  specs:
    xrechnung_xml_validator (0.1.0)

GEM
  remote: https://rubygems.org/
  specs:
    concurrent-ruby (1.3.4)
    diff-lcs (1.5.1)
    faker (3.5.1)
      i18n (>= 1.8.11, < 2)
    i18n (1.14.6)
      concurrent-ruby (~> 1.0)
    rake (13.2.1)
    rspec (3.13.0)
      rspec-core (~> 3.13.0)
      rspec-expectations (~> 3.13.0)
      rspec-mocks (~> 3.13.0)
    rspec-core (3.13.2)
      rspec-support (~> 3.13.0)
    rspec-expectations (3.13.3)
      diff-lcs (>= 1.2.0, < 2.0)
      rspec-support (~> 3.13.0)
    rspec-mocks (3.13.2)
      diff-lcs (>= 1.2.0, < 2.0)
      rspec-support (~> 3.13.0)
    rspec-support (3.13.2)

PLATFORMS
  arm64-darwin-22
  ruby

DEPENDENCIES
  bundler (~> 2.3)
  faker
  rake
  rspec
  xrechnung_xml_validator!

BUNDLED WITH
   2.5.10
